GEM
  remote: https://rubygems.org/
  specs:
    mustermann (1.0.3)
    rack (2.0.6)
    rack-protection (2.0.4)
      rack
    rake (12.3.1)
    sinatra (2.0.4)
      mustermann (~> 1.0)
      rack (~> 2.0)
      rack-protection (= 2.0.4)
      tilt (~> 2.0)
    tilt (2.0.8)

PLATFORMS
  ruby

DEPENDENCIES
  rake
  sinatra

RUBY VERSION
   ruby 2.5.0p0

BUNDLED WITH
   1.17.1
